GEM
  remote: https://rubygems.org/
  specs:
    coderay (1.1.3)
    method_source (1.0.0)
    power_assert (2.0.1)
    pry (0.14.1)
      coderay (~> 1.1)
      method_source (~> 1.0)
    psych (4.0.3)
      stringio
    rake (13.0.6)
    rdoc (6.4.0)
      psych (>= 4.0.0)
    stringio (3.0.1)
    test-unit (3.5.3)
      power_assert

PLATFORMS
  ruby

DEPENDENCIES
  pry
  rake
  rdoc
  test-unit

BUNDLED WITH
   2.1.4
